GEM
  remote: https://rubygems.org/
  specs:
    slim (3.0.6)
      temple (~> 0.7.3)
      tilt (>= 1.3.3, < 2.1)
    temple (0.7.6)
    tilt (2.0.3)

PLATFORMS
  ruby

DEPENDENCIES
  bundler (>= 1.11.2)
  slim (>= 3.0.6)

BUNDLED WITH
   1.11.2
